PATH
  remote: .
  specs:
    angry_shell (0.0.1)

GEM
  remote: http://rubygems.org/
  specs:
    exemplor (3000.3.0)

PLATFORMS
  ruby

DEPENDENCIES
  angry_shell!
  exemplor
